GIT
  remote: git://github.com/justinfrench/formtastic.git
  revision: 00d4311fb65eca497aa3e93b06f9a4a3681a2917
  branch: 1.2-stable
  specs:
    formtastic (1.2.4)
      actionpack (>= 2.3.7)
      activesupport (>= 2.3.7)
      i18n (~> 0.4)

GEM
  remote: http://rubygems.org/
  specs:
    actionmailer (2.3.11)
      actionpack (= 2.3.11)
    actionpack (2.3.11)
      activesupport (= 2.3.11)
      rack (~> 1.1.0)
    activerecord (2.3.11)
      activesupport (= 2.3.11)
    activeresource (2.3.11)
      activesupport (= 2.3.11)
    activesupport (2.3.11)
    authlogic (2.1.6)
      activesupport
    hoe (2.8.0)
      rake (>= 0.8.7)
    i18n (0.6.0)
    mail (2.3.0)
      i18n (>= 0.4.0)
      mime-types (~> 1.16)
      treetop (~> 1.4.8)
    mime-types (1.16)
    mysql (2.8.1)
    polyglot (0.3.2)
    pony (1.1)
      mail (> 2.0)
    rack (1.1.2)
    rails (2.3.11)
      actionmailer (= 2.3.11)
      actionpack (= 2.3.11)
      activerecord (= 2.3.11)
      activeresource (= 2.3.11)
      activesupport (= 2.3.11)
      rake (>= 0.8.3)
    rake (0.9.2)
    rest-client (1.6.7)
      mime-types (>= 1.16)
    test-unit (1.2.3)
      hoe (>= 1.5.1)
    treetop (1.4.10)
      polyglot
      polyglot (>= 0.3.1)

PLATFORMS
  ruby

DEPENDENCIES
  authlogic
  formtastic!
  hoe (= 2.8.0)
  i18n
  mysql
  pony (= 1.1)
  rails (= 2.3.11)
  rest-client
  test-unit (= 1.2.3)
